GEM
  remote: http://rubygems.org/
  specs:
    daemons (1.2.6)
    eventmachine (1.2.7-x64-mingw32)
    pg (0.18.4-x64-mingw32)
    rack (1.6.10)
    sinatra (1.1.0)
      rack (~> 1.1)
      tilt (~> 1.1)
    thin (1.7.2)
      daemons (~> 1.0, >= 1.0.9)
      eventmachine (~> 1.0, >= 1.0.4)
      rack (>= 1, < 3)
    tilt (1.4.1)

PLATFORMS
  x64-mingw32

DEPENDENCIES
  pg (= 0.18.4)
  sinatra (= 1.1.0)
  thin

BUNDLED WITH
   1.16.4
